GEM
  remote: http://rubygems.org/
  specs:
    i18n (0.6.0)

PLATFORMS
  ruby

DEPENDENCIES
  sass
